PATH
  remote: .
  specs:
    rails_env_prompt (1.0.1)

GEM
  remote: https://rubygems.org/
  specs:
    rake (13.0.1)

PLATFORMS
  ruby
  universal-darwin-18
  x86_64-darwin-19

DEPENDENCIES
  bundler (~> 1.16)
  rails_env_prompt!
  rake (~> 13.0)

BUNDLED WITH
   1.17.3
