PATH
  remote: .
  specs:
    rails_env_prompt (0.2.0)

GEM
  remote: https://rubygems.org/
  specs:
    rake (10.5.0)

PLATFORMS
  ruby
  universal-darwin-18

DEPENDENCIES
  bundler (~> 1.16)
  rails_env_prompt!
  rake (~> 10.0)

BUNDLED WITH
   1.16.3
